GEM
  remote: https://rubygems.org/
  specs:
    bson (4.13.0)
    diff-lcs (1.5.0)
    httparty (0.20.0)
      mime-types (~> 3.0)
      multi_xml (>= 0.5.2)
    mime-types (3.4.1)
      mime-types-data (~> 3.2015)
    mime-types-data (3.2021.1115)
    mongo (2.17.0)
      bson (>= 4.8.2, < 5.0.0)
    multi_xml (0.6.0)
    rspec (3.10.0)
      rspec-core (~> 3.10.0)
      rspec-expectations (~> 3.10.0)
      rspec-mocks (~> 3.10.0)
    rspec-core (3.10.1)
      rspec-support (~> 3.10.0)
    rspec-expectations (3.10.1)
      diff-lcs (>= 1.2.0, < 2.0)
      rspec-support (~> 3.10.0)
    rspec-mocks (3.10.2)
      diff-lcs (>= 1.2.0, < 2.0)
      rspec-support (~> 3.10.0)
    rspec-support (3.10.3)
    rspec_junit_formatter (0.5.0)
      rspec-core (>= 2, < 4, != 2.12.0)

PLATFORMS
  x64-mingw32

DEPENDENCIES
  httparty
  mongo
  rspec (= 3.10)
  rspec_junit_formatter (~> 0.5.0)

BUNDLED WITH
   2.2.30
